PATH
  remote: .
  specs:
    tester (0.1.0)
      rake (~> 13.0)
      thor

GEM
  remote: https://rubygems.org/
  specs:
    diff-lcs (1.5.1)
    rake (13.2.1)
    rspec (3.13.0)
      rspec-core (~> 3.13.0)
      rspec-expectations (~> 3.13.0)
      rspec-mocks (~> 3.13.0)
    rspec-core (3.13.2)
      rspec-support (~> 3.13.0)
    rspec-expectations (3.13.3)
      diff-lcs (>= 1.2.0, < 2.0)
      rspec-support (~> 3.13.0)
    rspec-mocks (3.13.2)
      diff-lcs (>= 1.2.0, < 2.0)
      rspec-support (~> 3.13.0)
    rspec-support (3.13.2)
    thor (1.3.2)

PLATFORMS
  arm64-darwin-22
  ruby

DEPENDENCIES
  rspec (~> 3.0)
  tester!

BUNDLED WITH
   2.5.11
